GEM
  remote: https://rubygems.org/
  specs:
    coderay (1.1.2)
    dotenv (2.7.5)
    httparty (0.17.0)
      mime-types (~> 3.0)
      multi_xml (>= 0.5.2)
    method_source (0.9.2)
    mime-types (3.2.2)
      mime-types-data (~> 3.2015)
    mime-types-data (3.2019.0331)
    multi_xml (0.6.0)
    mustermann (1.0.3)
    pry (0.12.2)
      coderay (~> 1.1.0)
      method_source (~> 0.9.0)
    rack (2.0.7)
    rack-protection (2.0.5)
      rack
    sinatra (2.0.5)
      mustermann (~> 1.0)
      rack (~> 2.0)
      rack-protection (= 2.0.5)
      tilt (~> 2.0)
    tilt (2.0.9)

PLATFORMS
  ruby

DEPENDENCIES
  dotenv (~> 2.7)
  httparty (~> 0.17.0)
  pry (~> 0.12.2)
  sinatra (~> 2.0)

BUNDLED WITH
   2.0.2
