GEM
  remote: https://rubygems.org/
  specs:
    coderay (1.1.2)
    diff-lcs (1.3)
    dotenv (2.7.5)
    httparty (0.17.0)
      mime-types (~> 3.0)
      multi_xml (>= 0.5.2)
    method_source (0.9.2)
    mime-types (3.2.2)
      mime-types-data (~> 3.2015)
    mime-types-data (3.2019.0331)
    multi_xml (0.6.0)
    mustermann (2.0.2)
      ruby2_keywords (~> 0.0.1)
    pry (0.12.2)
      coderay (~> 1.1.0)
      method_source (~> 0.9.0)
    rack (2.2.4)
    rack-protection (2.2.3)
      rack
    rack-test (1.1.0)
      rack (>= 1.0, < 3)
    rspec (3.8.0)
      rspec-core (~> 3.8.0)
      rspec-expectations (~> 3.8.0)
      rspec-mocks (~> 3.8.0)
    rspec-core (3.8.2)
      rspec-support (~> 3.8.0)
    rspec-expectations (3.8.4)
      diff-lcs (>= 1.2.0, < 2.0)
      rspec-support (~> 3.8.0)
    rspec-mocks (3.8.1)
      diff-lcs (>= 1.2.0, < 2.0)
      rspec-support (~> 3.8.0)
    rspec-support (3.8.2)
    ruby2_keywords (0.0.5)
    sinatra (2.2.3)
      mustermann (~> 2.0)
      rack (~> 2.2)
      rack-protection (= 2.2.3)
      tilt (~> 2.0)
    tilt (2.0.11)

PLATFORMS
  ruby

DEPENDENCIES
  dotenv (~> 2.7)
  httparty (~> 0.17.0)
  pry (~> 0.12.2)
  rack-test (~> 1.1)
  rspec (~> 3.8)
  sinatra (~> 2.2)

RUBY VERSION
   ruby 2.6.3p62

BUNDLED WITH
   2.0.2
